PATH
  remote: .
  specs:
    redis-ick (0.0.1)

GEM
  remote: https://rubygems.org/
  specs:
    minitest (5.10.3)
    rake (10.5.0)
    redis (3.3.3)

PLATFORMS
  ruby

DEPENDENCIES
  bundler (~> 1.14)
  minitest (~> 5.0)
  rake (~> 10.0)
  redis (~> 3.2)
  redis-ick!

BUNDLED WITH
   1.15.3
